GEM
  remote: https://rubygems.org/
  specs:
    concurrent-ruby (1.1.9)
    cool.io (1.7.1)
    fluent-plugin-mysql (0.3.4)
      fluentd (>= 0.14.8, < 2)
      jsonpath
      mysql2-cs-bind
      oj
    fluentd (1.14.2)
      bundler
      cool.io (>= 1.4.5, < 2.0.0)
      http_parser.rb (>= 0.5.1, < 0.8.0)
      msgpack (>= 1.3.1, < 2.0.0)
      serverengine (>= 2.2.2, < 3.0.0)
      sigdump (~> 0.2.2)
      strptime (>= 0.2.4, < 1.0.0)
      tzinfo (>= 1.0, < 3.0)
      tzinfo-data (~> 1.0)
      webrick (>= 1.4.2, < 1.8.0)
      yajl-ruby (~> 1.0)
    http_parser.rb (0.7.0)
    jsonpath (1.0.5)
      multi_json
      to_regexp (~> 0.2.1)
    msgpack (1.4.2)
    multi_json (1.14.1)
    mysql2 (0.5.3)
    mysql2-cs-bind (0.0.7)
      mysql2
    oj (3.10.6)
    serverengine (2.2.4)
      sigdump (~> 0.2.2)
    sigdump (0.2.4)
    strptime (0.2.5)
    to_regexp (0.2.1)
    tzinfo (2.0.4)
      concurrent-ruby (~> 1.0)
    tzinfo-data (1.2021.5)
      tzinfo (>= 1.0.0)
    webrick (1.7.0)
    yajl-ruby (1.4.1)

PLATFORMS
  ruby

DEPENDENCIES
  fluent-plugin-mysql
  fluentd
  mysql2

BUNDLED WITH
   2.1.4
